GEM
  remote: https://rubygems.org/
  specs:
    aws-sdk (1.66.0)
      aws-sdk-v1 (= 1.66.0)
    aws-sdk-v1 (1.66.0)
      json (~> 1.4)
      nokogiri (>= 1.4.4)
    blankslate (2.1.2.4)
    classifier-reborn (2.0.4)
      fast-stemmer (~> 1.0)
    coffee-script (2.4.1)
      coffee-script-source
      execjs
    coffee-script-source (1.9.1.1)
    colorator (0.1)
    colored (1.2)
    configure-s3-website (1.5.5)
      deep_merge (= 1.0.0)
    deep_merge (1.0.0)
    dotenv (0.11.1)
      dotenv-deployment (~> 0.0.2)
    dotenv-deployment (0.0.2)
    erubis (2.7.0)
    ethon (0.8.0)
      ffi (>= 1.3.0)
    execjs (2.6.0)
    fast-stemmer (1.0.2)
    ffi (1.9.10)
    filey-diff (2.0.0)
    html-proofer (1.3.3)
      colored (~> 1.2)
      mercenary (~> 0.3.2)
      nokogiri (~> 1.5)
      typhoeus (~> 0.6.7)
      yell (~> 2.0)
    jekyll (2.3.0)
      classifier-reborn (~> 2.0)
      colorator (~> 0.1)
      jekyll-coffeescript (~> 1.0)
      jekyll-gist (~> 1.0)
      jekyll-paginate (~> 1.0)
      jekyll-sass-converter (~> 1.0)
      jekyll-watch (~> 1.1)
      kramdown (~> 1.3)
      liquid (~> 2.6.1)
      mercenary (~> 0.3.3)
      pygments.rb (~> 0.6.0)
      redcarpet (~> 3.1)
      safe_yaml (~> 1.0)
      toml (~> 0.1.0)
    jekyll-coffeescript (1.0.1)
      coffee-script (~> 2.2)
    jekyll-gist (1.3.5)
    jekyll-paginate (1.1.0)
    jekyll-redirect-from (0.6.2)
      jekyll (~> 2.0)
    jekyll-sass-converter (1.3.0)
      sass (~> 3.2)
    jekyll-sitemap (0.6.3)
    jekyll-watch (1.3.0)
      listen (~> 3.0)
    json (1.8.3)
    kramdown (1.4.2)
    liquid (2.6.3)
    listen (3.0.4)
      rb-fsevent (>= 0.9.3)
      rb-inotify (>= 0.9)
    mercenary (0.3.5)
    mime-types (1.25.1)
    mini_portile (0.6.2)
    nokogiri (1.6.6.2)
      mini_portile (~> 0.6.0)
    parslet (1.5.0)
      blankslate (~> 2.0)
    posix-spawn (0.3.11)
    pygments.rb (0.6.3)
      posix-spawn (~> 0.3.6)
      yajl-ruby (~> 1.2.0)
    rainbow (2.0.0)
    rb-fsevent (0.9.6)
    rb-inotify (0.9.5)
      ffi (>= 0.5.0)
    redcarpet (3.3.3)
    s3_website (1.8.2)
      aws-sdk (~> 1)
      configure-s3-website (= 1.5.5)
      dotenv (~> 0.11.1)
      erubis (~> 2.7.0)
      filey-diff (~> 2.0.0)
      mime-types (~> 1)
      simple-cloudfront-invalidator (~> 1)
      thor (= 0.18.1)
      zopfli (~> 0.0.3)
    safe_yaml (1.0.4)
    sass (3.3.14)
    scss-lint (0.27.0)
      rainbow (~> 2.0)
      sass (~> 3.3.0, >= 3.3.7)
    simple-cloudfront-invalidator (1.0.1)
      colored (= 1.2)
    thor (0.18.1)
    toml (0.1.2)
      parslet (~> 1.5.0)
    typhoeus (0.6.9)
      ethon (>= 0.7.1)
    yajl-ruby (1.2.1)
    yell (2.0.5)
    zopfli (0.0.4)

PLATFORMS
  ruby

DEPENDENCIES
  html-proofer (~> 1.3.3)
  jekyll (~> 2.3.0)
  jekyll-redirect-from (~> 0.6.0)
  jekyll-sitemap (~> 0.6.0)
  kramdown (~> 1.4.1)
  s3_website (~> 1.8.1)
  scss-lint (~> 0.27.0)

BUNDLED WITH
   1.10.6
